GEM
  remote: https://rubygems.org/
  specs:
    phraseapp-ruby (2.1.0)

PLATFORMS
  ruby

DEPENDENCIES
  phraseapp-ruby

BUNDLED WITH
   1.16.4
